PATH
  remote: .
  specs:
    hl (0.0.1)
      gem-man
      methadone (~> 1.0.0.rc5)
      rainbow

GEM
  remote: http://rubygems.org/
  specs:
    aruba (0.4.11)
      childprocess (>= 0.2.3)
      cucumber (>= 1.1.1)
      ffi (>= 1.0.11)
      rspec (>= 2.7.0)
    builder (3.0.0)
    childprocess (0.3.1)
      ffi (~> 1.0.6)
    cucumber (1.1.9)
      builder (>= 2.1.2)
      diff-lcs (>= 1.1.2)
      gherkin (~> 2.9.0)
      json (>= 1.4.6)
      term-ansicolor (>= 1.0.6)
    diff-lcs (1.1.3)
    ffi (1.0.11)
    gem-man (0.3.0)
    gherkin (2.9.0)
      json (>= 1.4.6)
    hpricot (0.8.6)
    json (1.6.5)
    methadone (1.0.0.rc5)
      bundler
    mustache (0.99.4)
    rainbow (1.1.3)
    rake (0.9.2.2)
    rdiscount (1.6.8)
    rdoc (3.12)
      json (~> 1.4)
    ronn (0.7.3)
      hpricot (>= 0.8.2)
      mustache (>= 0.7.0)
      rdiscount (>= 1.5.8)
    rspec (2.8.0)
      rspec-core (~> 2.8.0)
      rspec-expectations (~> 2.8.0)
      rspec-mocks (~> 2.8.0)
    rspec-core (2.8.0)
    rspec-expectations (2.8.0)
      diff-lcs (~> 1.1.2)
    rspec-mocks (2.8.0)
    term-ansicolor (1.0.7)

PLATFORMS
  ruby

DEPENDENCIES
  aruba
  hl!
  rake (~> 0.9.2)
  rdoc
  ronn
